PATH
  remote: vendor/gems/cubeless_base-0.0.4
  specs:
    cubeless_base (0.0.4)

PATH
  remote: vendor/gems/deals_and_extras-0.0.2
  specs:
    deals_and_extras (0.0.2)

PATH
  remote: vendor/gems/microreviewr-0.1.2
  specs:
    microreviewr (0.1.2)

GEM
  remote: http://rubygems.org/
  specs:
    Ascii85 (1.0.1)
    RedCloth (4.2.3)
    abstract (1.0.0)
    actionmailer (3.0.10)
      actionpack (= 3.0.10)
      mail (~> 2.2.19)
    actionpack (3.0.10)
      activemodel (= 3.0.10)
      activesupport (= 3.0.10)
      builder (~> 2.1.2)
      erubis (~> 2.6.6)
      i18n (~> 0.5.0)
      rack (~> 1.2.1)
      rack-mount (~> 0.6.14)
      rack-test (~> 0.5.7)
      tzinfo (~> 0.3.23)
    activemodel (3.0.10)
      activesupport (= 3.0.10)
      builder (~> 2.1.2)
      i18n (~> 0.5.0)
    activerecord (3.0.10)
      activemodel (= 3.0.10)
      activesupport (= 3.0.10)
      arel (~> 2.0.10)
      tzinfo (~> 0.3.23)
    activeresource (3.0.10)
      activemodel (= 3.0.10)
      activesupport (= 3.0.10)
    activesupport (3.0.10)
    acts_as_reportable (1.1.1)
      ruport (>= 1.6.0)
    addressable (2.2.8)
    arel (2.0.10)
    bcrypt-ruby (2.1.4)
    builder (2.1.2)
    capistrano (2.5.18)
      highline
      net-scp (>= 1.0.0)
      net-sftp (>= 2.0.0)
      net-ssh (>= 2.0.14)
      net-ssh-gateway (>= 1.0.0)
    color (1.4.1)
    compass (0.10.6)
      haml (>= 3.0.4)
    compass-960-plugin (0.10.0)
      compass (>= 0.10.0)
    curb (0.7.18)
    delayed_job (3.0.2)
      activesupport (~> 3.0)
    devise (1.3.1)
      bcrypt-ruby (~> 2.1.2)
      orm_adapter (~> 0.0.3)
      warden (~> 1.0.3)
    diff-lcs (1.1.3)
    erubis (2.6.6)
      abstract (>= 1.0.0)
    faraday (0.7.6)
      addressable (~> 2.2)
      multipart-post (~> 1.1)
      rack (~> 1.1)
    fastercsv (1.5.4)
    feedzirra (0.1.2)
      activesupport (~> 3.0.8)
      builder (>= 2.1.2)
      curb (~> 0.7.15)
      i18n (>= 0.5.0)
      loofah (~> 1.2.0)
      nokogiri (>= 1.4.4)
      rake (>= 0.8.7)
      rdoc (~> 3.8)
      sax-machine (~> 0.1.0)
    haml (3.1.5)
    hashie (1.2.0)
    highline (1.6.12)
    hoe (3.0.5)
      rake (~> 0.8)
    hpricot (0.8.6)
    i18n (0.5.0)
    inherits_from (0.0.2)
      activerecord
    json (1.2.4)
    koala (1.2.1)
      faraday (~> 0.7.0)
      multi_json (~> 1.0)
    loofah (1.2.1)
      nokogiri (>= 1.4.4)
    mail (2.2.19)
      activesupport (>= 2.3.6)
      i18n (>= 0.4.0)
      mime-types (~> 1.16)
      treetop (~> 1.4.8)
    mime-types (1.18)
    multi_json (1.3.5)
    multipart-post (1.1.5)
    mysql (2.8.1)
    net-scp (1.0.4)
      net-ssh (>= 1.99.1)
    net-sftp (2.0.5)
      net-ssh (>= 2.0.9)
    net-ssh (2.3.0)
    net-ssh-gateway (1.1.0)
      net-ssh (>= 1.99.1)
    newrelic_rpm (3.3.4.1)
    nokogiri (1.5.2)
    orm_adapter (0.0.7)
    panda (0.2.1)
      rest-client (>= 1.2)
      ruby-hmac (>= 0.3.2)
    pdf-reader (1.1.1)
      Ascii85 (~> 1.0.0)
      ruby-rc4
    pdf-writer (1.1.8)
      color (>= 1.4.0)
      transaction-simple (~> 1.3)
    polyglot (0.3.3)
    prawn (0.12.0)
      pdf-reader (>= 0.9.0)
      ttfunk (~> 1.0.2)
    rack (1.2.5)
    rack-mount (0.6.14)
      rack (>= 1.0.0)
    rack-test (0.5.7)
      rack (>= 1.0)
    rails (3.0.10)
      actionmailer (= 3.0.10)
      actionpack (= 3.0.10)
      activerecord (= 3.0.10)
      activeresource (= 3.0.10)
      activesupport (= 3.0.10)
      bundler (~> 1.0)
      railties (= 3.0.10)
    railties (3.0.10)
      actionpack (= 3.0.10)
      activesupport (= 3.0.10)
      rake (>= 0.8.7)
      rdoc (~> 3.4)
      thor (~> 0.14.4)
    rake (0.9.2.2)
    rcov (1.0.0)
    rdoc (3.9.4)
    rest-client (1.6.1)
      mime-types (>= 1.16)
    rmagick (2.5.2)
    rspec (2.10.0)
      rspec-core (~> 2.10.0)
      rspec-expectations (~> 2.10.0)
      rspec-mocks (~> 2.10.0)
    rspec-core (2.10.0)
    rspec-expectations (2.10.0)
      diff-lcs (~> 1.1.3)
    rspec-mocks (2.10.1)
    rspec-rails (2.10.1)
      actionpack (>= 3.0)
      activesupport (>= 3.0)
      railties (>= 3.0)
      rspec (~> 2.10.0)
    ruby-hmac (0.4.0)
    ruby-rc4 (0.1.5)
    ruport (1.6.3)
      fastercsv
      pdf-writer (= 1.1.8)
    s3 (0.2.6)
      trollop (>= 1.14)
    sass (3.1.18)
    sax-machine (0.1.0)
      nokogiri (> 0.0.0)
    seed_me (0.0.3)
    spawn (0.1.4)
    thor (0.14.6)
    transaction-simple (1.4.0)
      hoe (>= 1.1.7)
    treetop (1.4.10)
      polyglot
      polyglot (>= 0.3.1)
    trollop (1.16.2)
    ttfunk (1.0.3)
    tzinfo (0.3.33)
    warden (1.0.6)
      rack (>= 1.0)
    will_paginate (3.0.3)
    ym4r (0.6.1)

PLATFORMS
  ruby

DEPENDENCIES
  RedCloth (= 4.2.3)
  acts_as_reportable
  capistrano (= 2.5.18)
  compass (= 0.10.6)
  compass-960-plugin (= 0.10.0)
  cubeless_base (= 0.0.4)!
  deals_and_extras (= 0.0.2)!
  delayed_job
  devise (= 1.3.1)
  fastercsv (= 1.5.4)
  feedzirra (~> 0.1.2)
  hashie (>= 0.4.0)
  hpricot
  inherits_from (~> 0.0.2)
  json (= 1.2.4)
  koala (= 1.2.1)
  microreviewr!
  mysql (= 2.8.1)
  newrelic_rpm (~> 3.3.4.1)
  panda (= 0.2.1)
  prawn
  rails (= 3.0.10)
  rcov
  rest-client (= 1.6.1)
  rmagick (= 2.5.2)
  rspec-rails
  ruport
  s3 (= 0.2.6)
  sass
  seed_me
  spawn
  will_paginate (~> 3.0.pre2)
  ym4r
