PATH
  remote: vendor/gems/cubeless_base-0.0.4
  specs:
    cubeless_base (0.0.4)

PATH
  remote: vendor/gems/deals_and_extras-0.0.2
  specs:
    deals_and_extras (0.0.2)

PATH
  remote: vendor/gems/microreviewr-0.1.2
  specs:
    microreviewr (0.1.2)

GEM
  remote: https://rubygems.org/
  specs:
    Ascii85 (1.0.2)
    RedCloth (4.2.3)
    abstract (1.0.0)
    actionmailer (3.0.20)
      actionpack (= 3.0.20)
      mail (~> 2.2.19)
    actionpack (3.0.20)
      activemodel (= 3.0.20)
      activesupport (= 3.0.20)
      builder (~> 2.1.2)
      erubis (~> 2.6.6)
      i18n (~> 0.5.0)
      rack (~> 1.2.5)
      rack-mount (~> 0.6.14)
      rack-test (~> 0.5.7)
      tzinfo (~> 0.3.23)
    activemodel (3.0.20)
      activesupport (= 3.0.20)
      builder (~> 2.1.2)
      i18n (~> 0.5.0)
    activerecord (3.0.20)
      activemodel (= 3.0.20)
      activesupport (= 3.0.20)
      arel (~> 2.0.10)
      tzinfo (~> 0.3.23)
    activeresource (3.0.20)
      activemodel (= 3.0.20)
      activesupport (= 3.0.20)
    activesupport (3.0.20)
    acts_as_reportable (1.1.1)
      ruport (>= 1.6.0)
    acts_as_state_machine (2.2.0)
      activerecord (>= 2.1)
    addressable (2.3.3)
    afm (0.2.0)
    ansi (1.4.3)
    arel (2.0.10)
    bcrypt-ruby (2.1.4)
    best_image (0.0.3)
      image_size (>= 1.1.1)
      nokogiri (>= 1.5.2)
    builder (2.1.2)
    capistrano (2.5.18)
      highline
      net-scp (>= 1.0.0)
      net-sftp (>= 2.0.0)
      net-ssh (>= 2.0.14)
      net-ssh-gateway (>= 1.0.0)
    color (1.4.1)
    columnize (0.3.6)
    compass (0.10.6)
      haml (>= 3.0.4)
    compass-960-plugin (0.10.0)
      compass (>= 0.10.0)
    curb (0.7.18)
    daemons (1.1.9)
    delayed_job (2.1.4)
      activesupport (~> 3.0)
      daemons
    devise (1.3.1)
      bcrypt-ruby (~> 2.1.2)
      orm_adapter (~> 0.0.3)
      warden (~> 1.0.3)
    diff-lcs (1.1.3)
    erubis (2.6.6)
      abstract (>= 1.0.0)
    eventmachine (1.0.3)
    factory_girl (2.2.0)
      activesupport
    factory_girl_rails (1.3.0)
      factory_girl (~> 2.2.0)
      railties (>= 3.0.0)
    faraday (0.8.7)
      multipart-post (~> 1.1)
    fastercsv (1.5.4)
    feedzirra (0.1.2)
      activesupport (~> 3.0.8)
      builder (>= 2.1.2)
      curb (~> 0.7.15)
      i18n (>= 0.5.0)
      loofah (~> 1.2.0)
      nokogiri (>= 1.4.4)
      rake (>= 0.8.7)
      rdoc (~> 3.8)
      sax-machine (~> 0.1.0)
    haml (4.0.2)
      tilt
    hashery (2.1.0)
    hashie (2.0.3)
    hashr (0.0.22)
    highline (1.6.16)
    hpricot (0.8.6)
    i18n (0.5.0)
    image_size (1.1.2)
    inherits_from (0.0.2)
      activerecord
    json (1.4.6)
    koala (1.6.0)
      addressable (~> 2.2)
      faraday (~> 0.8)
      multi_json (~> 1.3)
    linecache (0.46)
      rbx-require-relative (> 0.0.4)
    log4r (1.1.9)
    loofah (1.2.1)
      nokogiri (>= 1.4.4)
    mail (2.2.19)
      activesupport (>= 2.3.6)
      i18n (>= 0.4.0)
      mime-types (~> 1.16)
      treetop (~> 1.4.8)
    mime-types (1.22)
    multi_json (1.7.2)
    multipart-post (1.2.0)
    mysql2 (0.2.19b6)
    net-scp (1.1.0)
      net-ssh (>= 2.6.5)
    net-sftp (2.1.1)
      net-ssh (>= 2.6.5)
    net-ssh (2.6.6)
    net-ssh-gateway (1.2.0)
      net-ssh (>= 2.6.5)
    newrelic_rpm (3.5.3.25)
    nokogiri (1.5.2)
    orm_adapter (0.0.7)
    panda (1.6.0)
      faraday (>= 0.7.0)
      multi_json (>= 1.3.2)
      ruby-hmac (>= 0.3.2)
    pdf-reader (1.3.3)
      Ascii85 (~> 1.0.0)
      afm (~> 0.2.0)
      hashery (~> 2.0)
      ruby-rc4
      ttfunk
    pdf-writer (1.1.8)
      color (>= 1.4.0)
      transaction-simple (~> 1.3)
    polyglot (0.3.3)
    prawn (0.12.0)
      pdf-reader (>= 0.9.0)
      ttfunk (~> 1.0.2)
    rack (1.2.8)
    rack-mount (0.6.14)
      rack (>= 1.0.0)
    rack-test (0.5.7)
      rack (>= 1.0)
    rails (3.0.20)
      actionmailer (= 3.0.20)
      actionpack (= 3.0.20)
      activerecord (= 3.0.20)
      activeresource (= 3.0.20)
      activesupport (= 3.0.20)
      bundler (~> 1.0)
      railties (= 3.0.20)
    railties (3.0.20)
      actionpack (= 3.0.20)
      activesupport (= 3.0.20)
      rake (>= 0.8.7)
      rdoc (~> 3.4)
      thor (~> 0.14.4)
    rake (10.0.4)
    rbx-require-relative (0.0.9)
    rcov (1.0.0)
    rdoc (3.12.2)
      json (~> 1.4)
    rest-client (1.6.1)
      mime-types (>= 1.16)
    rmagick (2.5.2)
    rspec (2.11.0)
      rspec-core (~> 2.11.0)
      rspec-expectations (~> 2.11.0)
      rspec-mocks (~> 2.11.0)
    rspec-core (2.11.1)
    rspec-expectations (2.11.3)
      diff-lcs (~> 1.1.3)
    rspec-mocks (2.11.3)
    rspec-rails (2.11.4)
      actionpack (>= 3.0)
      activesupport (>= 3.0)
      railties (>= 3.0)
      rspec (~> 2.11.0)
    ruby-debug (0.10.4)
      columnize (>= 0.1)
      ruby-debug-base (~> 0.10.4.0)
    ruby-debug-base (0.10.4)
      linecache (>= 0.3)
    ruby-hmac (0.4.0)
    ruby-rc4 (0.1.5)
    ruport (1.6.3)
      fastercsv
      pdf-writer (= 1.1.8)
    s3 (0.2.6)
      trollop (>= 1.14)
    sass (3.2.7)
    sax-machine (0.1.0)
      nokogiri (> 0.0.0)
    seed_me (0.0.3)
    simple_oauth (0.2.0)
    spawn (0.1.4)
    thin (1.4.1)
      daemons (>= 1.0.9)
      eventmachine (>= 0.12.6)
      rack (>= 1.0.0)
    thor (0.14.6)
    tilt (1.3.7)
    tire (0.5.7)
      activemodel (>= 3.0)
      activesupport
      ansi
      hashr (~> 0.0.19)
      multi_json (~> 1.3)
      rake
      rest-client (~> 1.6)
    transaction-simple (1.4.0.2)
    treetop (1.4.12)
      polyglot
      polyglot (>= 0.3.1)
    trollop (2.0)
    ttfunk (1.0.3)
    twitter (4.6.2)
      faraday (~> 0.8, < 0.10)
      multi_json (~> 1.0)
      simple_oauth (~> 0.2)
    tzinfo (0.3.37)
    warden (1.0.6)
      rack (>= 1.0)
    will_paginate (3.0.4)
    ym4r (0.6.1)

PLATFORMS
  ruby

DEPENDENCIES
  RedCloth (= 4.2.3)
  acts_as_reportable (~> 1.1.1)
  acts_as_state_machine (~> 2.2.0)
  best_image (~> 0.0.3)
  capistrano (= 2.5.18)
  compass (= 0.10.6)
  compass-960-plugin (= 0.10.0)
  cubeless_base (= 0.0.4)!
  deals_and_extras (= 0.0.2)!
  delayed_job (~> 2.1.4)
  devise (= 1.3.1)
  factory_girl_rails (~> 1.3.0)
  fastercsv (= 1.5.4)
  feedzirra (~> 0.1.2)
  hashie (>= 0.4.0)
  hpricot (~> 0.8.6)
  inherits_from (~> 0.0.2)
  json (~> 1.4.6)
  koala
  log4r (= 1.1.9)
  microreviewr!
  mysql2 (~> 0.2.19b5)
  newrelic_rpm (~> 3.5.3.25)
  nokogiri (= 1.5.2)
  panda (= 1.6.0)
  prawn (~> 0.12.0)
  rails (= 3.0.20)
  rcov (~> 1.0.0)
  rest-client (= 1.6.1)
  rmagick (= 2.5.2)
  rspec-rails (~> 2.11.0)
  ruby-debug
  ruport (~> 1.6.3)
  s3 (= 0.2.6)
  sass (~> 3.2.1)
  seed_me
  spawn (~> 0.1.4)
  thin (~> 1.4.1)
  tire (~> 0.5.1)
  twitter
  will_paginate (~> 3.0.pre2)
  ym4r (~> 0.6.1)
